GEM
  remote: https://rubygems.org/
  specs:
    childprocess (4.1.0)
    debug (1.4.0)
      irb (>= 1.3.6)
      reline (>= 0.2.7)
    io-console (0.5.11)
    irb (1.4.1)
      reline (>= 0.3.0)
    nokogiri (1.13.0-arm64-darwin)
      racc (~> 1.4)
    racc (1.6.0)
    reline (0.3.1)
      io-console (~> 0.5)
    rexml (3.2.5)
    rubyzip (2.3.2)
    selenium-webdriver (4.1.0)
      childprocess (>= 0.5, < 5.0)
      rexml (~> 3.2, >= 3.2.5)
      rubyzip (>= 1.2.2)
    webdrivers (5.0.0)
      nokogiri (~> 1.6)
      rubyzip (>= 1.3.0)
      selenium-webdriver (~> 4.0)

PLATFORMS
  arm64-darwin-21

DEPENDENCIES
  debug
  selenium-webdriver
  webdrivers

BUNDLED WITH
   2.3.3
